STORAGE: NONE
RESTRICTION: || (== netcoreapp3.1) (== netstandard2.1)
NUGET
  remote: https://api.nuget.org/v3/index.json
    Bolero (0.15.23)
      Elmish (>= 3.1 < 4.0)
      FSharp.Core (>= 4.5.2)
      FSharp.SystemTextJson (>= 0.11.13)
      Microsoft.AspNetCore.Components.WebAssembly (>= 3.2)
      Microsoft.Extensions.Http (>= 3.1)
    Bolero.Build (0.15.23)
    Bolero.HotReload (0.15.4)
      Bolero (>= 0.15.23)
      FSharp.Core (>= 4.7)
      HtmlAgilityPack (>= 1.8)
      Microsoft.AspNetCore.SignalR.Client (>= 3.1)
    Bolero.HotReload.Server (0.15.4)
      Bolero.HotReload (0.15.4)
      Bolero.Server (>= 0.15.23)
      FSharp.Core (>= 4.7)
    Bolero.Server (0.15.23)
      Bolero (0.15.23)
      FSharp.Core (>= 4.5.2)
      FSharp.SystemTextJson (>= 0.11.13)
      TaskBuilder.fs (>= 2.1)
    Bolero.Templates (0.15.4)
    coverlet.collector (1.3)
    Elmish (3.1)
      FSharp.Core (>= 4.6.2)
    FsCheck (2.14.3)
      FSharp.Core (>= 4.2.3)
    FsCheck.Xunit (2.14.3)
      FsCheck (2.14.3)
      xunit.extensibility.execution (>= 2.2 < 3.0)
    FSharp.Control.AsyncSeq (3.0.2)
      FSharp.Core (>= 4.3.2)
    FSharp.Core (4.7.2)
    FSharp.SystemTextJson (0.12.12)
      FSharp.Core (>= 4.7)
      System.Text.Json (>= 4.6) - restriction: || (&& (== netcoreapp3.1) (< netcoreapp3.0)) (== netstandard2.1)
    FSharpx.Async (1.14.1)
      FSharp.Control.AsyncSeq (>= 2.0.21)
      FSharp.Core (>= 4.6.2)
    FSharpx.Collections (2.1.3)
      FSharp.Core (>= 4.3.4)
    FSharpx.Extras (2.5)
      FSharp.Core (>= 4.6.2)
      FSharpx.Async (>= 1.14.1)
      FSharpx.Collections (>= 2.1.2)
      System.Reflection.Emit.Lightweight (>= 4.7)
    FsUnit.xUnit (4.0.1)
      FSharp.Core (>= 4.3.4)
      NETStandard.Library (>= 2.0.3)
      NHamcrest (>= 2.0.1 < 2.1)
      xunit (>= 2.4.1 < 2.5)
    HtmlAgilityPack (1.11.24)
    Microsoft.AspNetCore (2.2)
      Microsoft.AspNetCore.Diagnostics (>= 2.2)
      Microsoft.AspNetCore.HostFiltering (>= 2.2)
      Microsoft.AspNetCore.Hosting (>= 2.2)
      Microsoft.AspNetCore.Routing (>= 2.2)
      Microsoft.AspNetCore.Server.IIS (>= 2.2)
      Microsoft.AspNetCore.Server.IISIntegration (>= 2.2)
      Microsoft.AspNetCore.Server.Kestrel (>= 2.2)
      Microsoft.AspNetCore.Server.Kestrel.Https (>= 2.2)
      Microsoft.Extensions.Configuration.CommandLine (>= 2.2)
      Microsoft.Extensions.Configuration.EnvironmentVariables (>= 2.2)
      Microsoft.Extensions.Configuration.FileExtensions (>= 2.2)
      Microsoft.Extensions.Configuration.Json (>= 2.2)
      Microsoft.Extensions.Configuration.UserSecrets (>= 2.2)
      Microsoft.Extensions.Logging (>= 2.2)
      Microsoft.Extensions.Logging.Configuration (>= 2.2)
      Microsoft.Extensions.Logging.Console (>= 2.2)
      Microsoft.Extensions.Logging.Debug (>= 2.2)
      Microsoft.Extensions.Logging.EventSource (>= 2.2)
    Microsoft.AspNetCore.Antiforgery (2.2)
      Microsoft.AspNetCore.DataProtection (>= 2.2)
      Microsoft.AspNetCore.Http.Abstractions (>= 2.2)
      Microsoft.AspNetCore.Http.Extensions (>= 2.2)
      Microsoft.AspNetCore.WebUtilities (>= 2.2)
      Microsoft.Extensions.ObjectPool (>= 2.2)
    Microsoft.AspNetCore.Authentication.Abstractions (2.2)
      Microsoft.AspNetCore.Http.Abstractions (>= 2.2)
      Microsoft.Extensions.Logging.Abstractions (>= 2.2)
      Microsoft.Extensions.Options (>= 2.2)
    Microsoft.AspNetCore.Authentication.Core (2.2)
      Microsoft.AspNetCore.Authentication.Abstractions (>= 2.2)
      Microsoft.AspNetCore.Http (>= 2.2)
      Microsoft.AspNetCore.Http.Extensions (>= 2.2)
    Microsoft.AspNetCore.Authorization (3.1.8)
      Microsoft.AspNetCore.Metadata (>= 3.1.8)
      Microsoft.Extensions.Logging.Abstractions (>= 3.1.8)
      Microsoft.Extensions.Options (>= 3.1.8)
    Microsoft.AspNetCore.Authorization.Policy (2.2)
      Microsoft.AspNetCore.Authentication.Abstractions (>= 2.2)
      Microsoft.AspNetCore.Authorization (>= 2.2)
    Microsoft.AspNetCore.Components (3.1.8)
      Microsoft.AspNetCore.Authorization (>= 3.1.8)
      Microsoft.AspNetCore.Components.Analyzers (>= 3.1.8)
      Microsoft.JSInterop (>= 3.1.8)
      System.ComponentModel.Annotations (>= 4.7) - restriction: == netstandard2.1
    Microsoft.AspNetCore.Components.Analyzers (3.1.8)
    Microsoft.AspNetCore.Components.Forms (3.1.8)
      Microsoft.AspNetCore.Components (>= 3.1.8)
      System.ComponentModel.Annotations (>= 4.7) - restriction: == netstandard2.1
    Microsoft.AspNetCore.Components.Web (3.1.8)
      Microsoft.AspNetCore.Components (>= 3.1.8)
      Microsoft.AspNetCore.Components.Forms (>= 3.1.8)
      Microsoft.Extensions.DependencyInjection (>= 3.1.8)
      Microsoft.JSInterop (>= 3.1.8)
    Microsoft.AspNetCore.Components.WebAssembly (3.2.1)
      Microsoft.AspNetCore.Components.Web (>= 3.1.6)
      Microsoft.AspNetCore.Components.WebAssembly.HttpHandler (>= 3.2)
      Microsoft.Extensions.Configuration.Json (>= 3.1.6)
      Microsoft.Extensions.Logging (>= 3.1.6)
      Microsoft.JSInterop.WebAssembly (>= 3.2.1)
    Microsoft.AspNetCore.Components.WebAssembly.Build (3.2.1)
      Microsoft.AspNetCore.Components.WebAssembly.Runtime (>= 3.2)
    Microsoft.AspNetCore.Components.WebAssembly.DevServer (3.2.1)
    Microsoft.AspNetCore.Components.WebAssembly.HttpHandler (3.2.1)
    Microsoft.AspNetCore.Components.WebAssembly.Runtime (3.2)
    Microsoft.AspNetCore.Components.WebAssembly.Server (3.2.1)
    Microsoft.AspNetCore.Connections.Abstractions (3.1.8)
      Microsoft.AspNetCore.Http.Features (>= 3.1.8)
      System.IO.Pipelines (>= 4.7.2)
    Microsoft.AspNetCore.Cryptography.Internal (3.1.8)
    Microsoft.AspNetCore.DataProtection (3.1.8)
      Microsoft.AspNetCore.Cryptography.Internal (>= 3.1.8)
      Microsoft.AspNetCore.DataProtection.Abstractions (>= 3.1.8)
      Microsoft.Extensions.DependencyInjection.Abstractions (>= 3.1.8)
      Microsoft.Extensions.Hosting.Abstractions (>= 3.1.8)
      Microsoft.Extensions.Logging.Abstractions (>= 3.1.8)
      Microsoft.Extensions.Options (>= 3.1.8)
      Microsoft.Win32.Registry (>= 4.7)
      System.Security.Cryptography.Xml (>= 4.7)
      System.Security.Principal.Windows (>= 4.7) - restriction: == netstandard2.1
    Microsoft.AspNetCore.DataProtection.Abstractions (3.1.8)
    Microsoft.AspNetCore.Diagnostics (2.2)
      Microsoft.AspNetCore.Diagnostics.Abstractions (>= 2.2)
      Microsoft.AspNetCore.Hosting.Abstractions (>= 2.2)
      Microsoft.AspNetCore.Http.Extensions (>= 2.2)
      Microsoft.AspNetCore.WebUtilities (>= 2.2)
      Microsoft.Extensions.FileProviders.Physical (>= 2.2)
      Microsoft.Extensions.Logging.Abstractions (>= 2.2)
      Microsoft.Extensions.Options (>= 2.2)
      System.Diagnostics.DiagnosticSource (>= 4.5)
      System.Reflection.Metadata (>= 1.6)
    Microsoft.AspNetCore.Diagnostics.Abstractions (2.2)
    Microsoft.AspNetCore.HostFiltering (2.2)
      Microsoft.AspNetCore.Hosting.Abstractions (>= 2.2)
      Microsoft.AspNetCore.Http (>= 2.2)
      Microsoft.AspNetCore.Http.Extensions (>= 2.2)
      Microsoft.Extensions.Options (>= 2.2)
    Microsoft.AspNetCore.Hosting (2.2.7)
      Microsoft.AspNetCore.Hosting.Abstractions (>= 2.2)
      Microsoft.AspNetCore.Http (>= 2.2)
      Microsoft.AspNetCore.Http.Extensions (>= 2.2)
      Microsoft.Extensions.Configuration (>= 2.2)
      Microsoft.Extensions.Configuration.EnvironmentVariables (>= 2.2.4)
      Microsoft.Extensions.Configuration.FileExtensions (>= 2.2)
      Microsoft.Extensions.DependencyInjection (>= 2.2)
      Microsoft.Extensions.FileProviders.Physical (>= 2.2)
      Microsoft.Extensions.Hosting.Abstractions (>= 2.2)
      Microsoft.Extensions.Logging (>= 2.2)
      Microsoft.Extensions.Options (>= 2.2)
      System.Diagnostics.DiagnosticSource (>= 4.5.1)
      System.Reflection.Metadata (>= 1.6)
    Microsoft.AspNetCore.Hosting.Abstractions (2.2)
      Microsoft.AspNetCore.Hosting.Server.Abstractions (>= 2.2)
      Microsoft.AspNetCore.Http.Abstractions (>= 2.2)
      Microsoft.Extensions.Hosting.Abstractions (>= 2.2)
    Microsoft.AspNetCore.Hosting.Server.Abstractions (2.2)
      Microsoft.AspNetCore.Http.Features (>= 2.2)
      Microsoft.Extensions.Configuration.Abstractions (>= 2.2)
    Microsoft.AspNetCore.Html.Abstractions (2.2)
      System.Text.Encodings.Web (>= 4.5)
    Microsoft.AspNetCore.Http (2.2.2)
      Microsoft.AspNetCore.Http.Abstractions (>= 2.2)
      Microsoft.AspNetCore.WebUtilities (>= 2.2)
      Microsoft.Extensions.ObjectPool (>= 2.2)
      Microsoft.Extensions.Options (>= 2.2)
      Microsoft.Net.Http.Headers (>= 2.2)
    Microsoft.AspNetCore.Http.Abstractions (2.2)
      Microsoft.AspNetCore.Http.Features (>= 2.2)
      System.Text.Encodings.Web (>= 4.5)
    Microsoft.AspNetCore.Http.Connections.Client (3.1.8)
      Microsoft.AspNetCore.Http.Connections.Common (>= 3.1.8)
      Microsoft.Extensions.Logging.Abstractions (>= 3.1.8)
      Microsoft.Extensions.Options (>= 3.1.8)
    Microsoft.AspNetCore.Http.Connections.Common (3.1.8)
      Microsoft.AspNetCore.Connections.Abstractions (>= 3.1.8)
      System.Text.Json (>= 4.7.2) - restriction: == netstandard2.1
    Microsoft.AspNetCore.Http.Extensions (2.2)
      Microsoft.AspNetCore.Http.Abstractions (>= 2.2)
      Microsoft.Extensions.FileProviders.Abstractions (>= 2.2)
      Microsoft.Net.Http.Headers (>= 2.2)
      System.Buffers (>= 4.5)
    Microsoft.AspNetCore.Http.Features (3.1.8)
      Microsoft.Extensions.Primitives (>= 3.1.8)
      System.IO.Pipelines (>= 4.7.2)
    Microsoft.AspNetCore.HttpOverrides (2.2)
      Microsoft.AspNetCore.Http.Extensions (>= 2.2)
      Microsoft.Extensions.Logging.Abstractions (>= 2.2)
      Microsoft.Extensions.Options (>= 2.2)
    Microsoft.AspNetCore.JsonPatch (3.1.8)
      Microsoft.CSharp (>= 4.7)
      Newtonsoft.Json (>= 12.0.2)
    Microsoft.AspNetCore.Metadata (3.1.8)
    Microsoft.AspNetCore.Mvc.Abstractions (2.2)
      Microsoft.AspNetCore.Routing.Abstractions (>= 2.2)
      Microsoft.Net.Http.Headers (>= 2.2)
    Microsoft.AspNetCore.Mvc.Core (2.2.5)
      Microsoft.AspNetCore.Authentication.Core (>= 2.2)
      Microsoft.AspNetCore.Authorization.Policy (>= 2.2)
      Microsoft.AspNetCore.Hosting.Abstractions (>= 2.2)
      Microsoft.AspNetCore.Http (>= 2.2)
      Microsoft.AspNetCore.Http.Extensions (>= 2.2)
      Microsoft.AspNetCore.Mvc.Abstractions (>= 2.2)
      Microsoft.AspNetCore.ResponseCaching.Abstractions (>= 2.2)
      Microsoft.AspNetCore.Routing (>= 2.2)
      Microsoft.AspNetCore.Routing.Abstractions (>= 2.2)
      Microsoft.Extensions.DependencyInjection (>= 2.2)
      Microsoft.Extensions.DependencyModel (>= 2.1)
      Microsoft.Extensions.FileProviders.Abstractions (>= 2.2)
      Microsoft.Extensions.Logging.Abstractions (>= 2.2)
      System.Diagnostics.DiagnosticSource (>= 4.5)
      System.Threading.Tasks.Extensions (>= 4.5.1)
    Microsoft.AspNetCore.Mvc.DataAnnotations (2.2)
      Microsoft.AspNetCore.Mvc.Core (>= 2.2)
      Microsoft.Extensions.Localization (>= 2.2)
      System.ComponentModel.Annotations (>= 4.5)
    Microsoft.AspNetCore.Mvc.Formatters.Json (2.2)
      Microsoft.AspNetCore.JsonPatch (>= 2.2)
      Microsoft.AspNetCore.Mvc.Core (>= 2.2)
    Microsoft.AspNetCore.Mvc.Razor.Extensions (3.1.8) - restriction: || (== netcoreapp3.1) (&& (== netstandard2.1) (>= netcoreapp3.1))
      Microsoft.AspNetCore.Razor.Language (>= 3.1.8)
      Microsoft.CodeAnalysis.Razor (>= 3.1.8)
    Microsoft.AspNetCore.Mvc.Razor.RuntimeCompilation (3.1.8)
      Microsoft.AspNetCore.Mvc.Razor.Extensions (>= 3.1.8) - restriction: || (== netcoreapp3.1) (&& (== netstandard2.1) (>= netcoreapp3.1))
      Microsoft.CodeAnalysis.Razor (>= 3.1.8) - restriction: || (== netcoreapp3.1) (&& (== netstandard2.1) (>= netcoreapp3.1))
      Microsoft.Extensions.DependencyModel (>= 3.1.6) - restriction: || (== netcoreapp3.1) (&& (== netstandard2.1) (>= netcoreapp3.1))
    Microsoft.AspNetCore.Mvc.ViewFeatures (2.2)
      Microsoft.AspNetCore.Antiforgery (>= 2.2)
      Microsoft.AspNetCore.Diagnostics.Abstractions (>= 2.2)
      Microsoft.AspNetCore.Html.Abstractions (>= 2.2)
      Microsoft.AspNetCore.Mvc.Core (>= 2.2)
      Microsoft.AspNetCore.Mvc.DataAnnotations (>= 2.2)
      Microsoft.AspNetCore.Mvc.Formatters.Json (>= 2.2)
      Microsoft.Extensions.WebEncoders (>= 2.2)
      Newtonsoft.Json.Bson (>= 1.0.1)
    Microsoft.AspNetCore.Razor.Language (3.1.8) - restriction: || (== netcoreapp3.1) (&& (== netstandard2.1) (>= netcoreapp3.1))
    Microsoft.AspNetCore.ResponseCaching.Abstractions (2.2)
      Microsoft.Extensions.Primitives (>= 2.2)
    Microsoft.AspNetCore.Routing (2.2.2)
      Microsoft.AspNetCore.Http.Extensions (>= 2.2)
      Microsoft.AspNetCore.Routing.Abstractions (>= 2.2)
      Microsoft.Extensions.Logging.Abstractions (>= 2.2)
      Microsoft.Extensions.ObjectPool (>= 2.2)
      Microsoft.Extensions.Options (>= 2.2)
    Microsoft.AspNetCore.Routing.Abstractions (2.2)
      Microsoft.AspNetCore.Http.Abstractions (>= 2.2)
    Microsoft.AspNetCore.Server.IIS (2.2.6)
      Microsoft.AspNetCore.Authentication.Core (>= 2.2)
      Microsoft.AspNetCore.Connections.Abstractions (>= 2.2)
      Microsoft.AspNetCore.Hosting.Abstractions (>= 2.2)
      System.IO.Pipelines (>= 4.5.3)
      System.Security.Principal.Windows (>= 4.5)
    Microsoft.AspNetCore.Server.IISIntegration (2.2.1)
      Microsoft.AspNetCore.Authentication.Core (>= 2.2)
      Microsoft.AspNetCore.Hosting.Abstractions (>= 2.2)
      Microsoft.AspNetCore.Http (>= 2.2)
      Microsoft.AspNetCore.Http.Extensions (>= 2.2)
      Microsoft.AspNetCore.HttpOverrides (>= 2.2)
      Microsoft.Extensions.Logging.Abstractions (>= 2.2)
      Microsoft.Extensions.Options (>= 2.2)
      System.Buffers (>= 4.5)
      System.IO.Pipelines (>= 4.5.2)
      System.Memory (>= 4.5.1)
      System.Numerics.Vectors (>= 4.5)
      System.Runtime.CompilerServices.Unsafe (>= 4.5.1)
      System.Security.Principal.Windows (>= 4.5)
    Microsoft.AspNetCore.Server.Kestrel (2.2)
      Microsoft.AspNetCore.Hosting (>= 2.2)
      Microsoft.AspNetCore.Server.Kestrel.Core (>= 2.2)
      Microsoft.AspNetCore.Server.Kestrel.Https (>= 2.2)
      Microsoft.AspNetCore.Server.Kestrel.Transport.Sockets (>= 2.2)
    Microsoft.AspNetCore.Server.Kestrel.Core (2.2)
      Microsoft.AspNetCore.Hosting.Abstractions (>= 2.2)
      Microsoft.AspNetCore.Http (>= 2.2)
      Microsoft.AspNetCore.Server.Kestrel.Transport.Abstractions (>= 2.2)
      Microsoft.AspNetCore.WebUtilities (>= 2.2)
      Microsoft.Extensions.Configuration.Binder (>= 2.2)
      Microsoft.Extensions.Logging.Abstractions (>= 2.2)
      Microsoft.Extensions.Options (>= 2.2)
      Microsoft.Net.Http.Headers (>= 2.2)
      System.Memory (>= 4.5.1)
      System.Numerics.Vectors (>= 4.5)
      System.Runtime.CompilerServices.Unsafe (>= 4.5.1)
      System.Security.Cryptography.Cng (>= 4.5)
      System.Threading.Tasks.Extensions (>= 4.5.1)
    Microsoft.AspNetCore.Server.Kestrel.Https (2.2)
      Microsoft.AspNetCore.Http.Abstractions (>= 2.2)
      Microsoft.AspNetCore.Server.Kestrel.Core (>= 2.2)
    Microsoft.AspNetCore.Server.Kestrel.Transport.Abstractions (2.2)
      Microsoft.AspNetCore.Connections.Abstractions (>= 2.2)
    Microsoft.AspNetCore.Server.Kestrel.Transport.Sockets (2.2.1)
      Microsoft.AspNetCore.Hosting.Abstractions (>= 2.2)
      Microsoft.AspNetCore.Server.Kestrel.Transport.Abstractions (>= 2.2)
      Microsoft.Extensions.Options (>= 2.2)
    Microsoft.AspNetCore.SignalR.Client (3.1.8)
      Microsoft.AspNetCore.Http.Connections.Client (>= 3.1.8)
      Microsoft.AspNetCore.SignalR.Client.Core (>= 3.1.8)
    Microsoft.AspNetCore.SignalR.Client.Core (3.1.8)
      Microsoft.AspNetCore.SignalR.Common (>= 3.1.8)
      Microsoft.AspNetCore.SignalR.Protocols.Json (>= 3.1.8)
      Microsoft.Extensions.DependencyInjection (>= 3.1.8)
      Microsoft.Extensions.Logging (>= 3.1.8)
      System.Threading.Channels (>= 4.7.1)
    Microsoft.AspNetCore.SignalR.Common (3.1.8)
      Microsoft.AspNetCore.Connections.Abstractions (>= 3.1.8)
      Microsoft.Extensions.Options (>= 3.1.8)
      System.Text.Json (>= 4.7.2) - restriction: == netstandard2.1
    Microsoft.AspNetCore.SignalR.Protocols.Json (3.1.8)
      Microsoft.AspNetCore.SignalR.Common (>= 3.1.8)
    Microsoft.AspNetCore.WebUtilities (2.2)
      Microsoft.Net.Http.Headers (>= 2.2)
      System.Text.Encodings.Web (>= 4.5)
    Microsoft.Bcl.AsyncInterfaces (1.1.1) - restriction: == netstandard2.1
      System.Threading.Tasks.Extensions (>= 4.5.4)
    Microsoft.CodeAnalysis.Analyzers (3.3) - restriction: || (== netcoreapp3.1) (&& (== netstandard2.1) (>= netcoreapp3.1))
    Microsoft.CodeAnalysis.Common (3.7) - restriction: || (== netcoreapp3.1) (&& (== netstandard2.1) (>= netcoreapp3.1))
      Microsoft.CodeAnalysis.Analyzers (>= 3.0)
      System.Collections.Immutable (>= 1.5)
      System.Memory (>= 4.5.4)
      System.Reflection.Metadata (>= 1.6)
      System.Runtime.CompilerServices.Unsafe (>= 4.7)
      System.Text.Encoding.CodePages (>= 4.5.1)
      System.Threading.Tasks.Extensions (>= 4.5.3)
    Microsoft.CodeAnalysis.CSharp (3.7) - restriction: || (== netcoreapp3.1) (&& (== netstandard2.1) (>= netcoreapp3.1))
      Microsoft.CodeAnalysis.Common (3.7)
    Microsoft.CodeAnalysis.Razor (3.1.8) - restriction: || (== netcoreapp3.1) (&& (== netstandard2.1) (>= netcoreapp3.1))
      Microsoft.AspNetCore.Razor.Language (>= 3.1.8)
      Microsoft.CodeAnalysis.Common (>= 3.3)
      Microsoft.CodeAnalysis.CSharp (>= 3.3)
    Microsoft.CodeCoverage (16.7.1) - restriction: || (== netcoreapp3.1) (&& (== netstandard2.1) (>= net45)) (&& (== netstandard2.1) (>= netcoreapp2.1))
    Microsoft.CSharp (4.7)
    Microsoft.Extensions.Configuration (3.1.8)
      Microsoft.Extensions.Configuration.Abstractions (>= 3.1.8)
    Microsoft.Extensions.Configuration.Abstractions (3.1.8)
      Microsoft.Extensions.Primitives (>= 3.1.8)
    Microsoft.Extensions.Configuration.Binder (3.1.8)
      Microsoft.Extensions.Configuration (>= 3.1.8)
    Microsoft.Extensions.Configuration.CommandLine (3.1.8)
      Microsoft.Extensions.Configuration (>= 3.1.8)
    Microsoft.Extensions.Configuration.EnvironmentVariables (3.1.8)
      Microsoft.Extensions.Configuration (>= 3.1.8)
    Microsoft.Extensions.Configuration.FileExtensions (3.1.8)
      Microsoft.Extensions.Configuration (>= 3.1.8)
      Microsoft.Extensions.FileProviders.Physical (>= 3.1.8)
    Microsoft.Extensions.Configuration.Json (3.1.8)
      Microsoft.Extensions.Configuration (>= 3.1.8)
      Microsoft.Extensions.Configuration.FileExtensions (>= 3.1.8)
      System.Text.Json (>= 4.7.2) - restriction: == netstandard2.1
      System.Threading.Tasks.Extensions (>= 4.5.4) - restriction: == netstandard2.1
    Microsoft.Extensions.Configuration.UserSecrets (3.1.8)
      Microsoft.Extensions.Configuration.Json (>= 3.1.8)
    Microsoft.Extensions.DependencyInjection (3.1.8)
      Microsoft.Extensions.DependencyInjection.Abstractions (>= 3.1.8)
    Microsoft.Extensions.DependencyInjection.Abstractions (3.1.8)
    Microsoft.Extensions.DependencyModel (3.1.6)
      System.Text.Json (>= 4.7.2)
    Microsoft.Extensions.FileProviders.Abstractions (3.1.8)
      Microsoft.Extensions.Primitives (>= 3.1.8)
    Microsoft.Extensions.FileProviders.Physical (3.1.8)
      Microsoft.Extensions.FileProviders.Abstractions (>= 3.1.8)
      Microsoft.Extensions.FileSystemGlobbing (>= 3.1.8)
    Microsoft.Extensions.FileSystemGlobbing (3.1.8)
    Microsoft.Extensions.Hosting.Abstractions (3.1.8)
      Microsoft.Bcl.AsyncInterfaces (>= 1.1.1) - restriction: == netstandard2.1
      Microsoft.Extensions.Configuration.Abstractions (>= 3.1.8)
      Microsoft.Extensions.DependencyInjection.Abstractions (>= 3.1.8)
      Microsoft.Extensions.FileProviders.Abstractions (>= 3.1.8)
      Microsoft.Extensions.Logging.Abstractions (>= 3.1.8)
    Microsoft.Extensions.Http (3.1.8)
      Microsoft.Extensions.DependencyInjection.Abstractions (>= 3.1.8)
      Microsoft.Extensions.Logging (>= 3.1.8)
      Microsoft.Extensions.Options (>= 3.1.8)
    Microsoft.Extensions.Localization (3.1.8)
      Microsoft.Extensions.DependencyInjection.Abstractions (>= 3.1.8)
      Microsoft.Extensions.Localization.Abstractions (>= 3.1.8)
      Microsoft.Extensions.Logging.Abstractions (>= 3.1.8)
      Microsoft.Extensions.Options (>= 3.1.8)
    Microsoft.Extensions.Localization.Abstractions (3.1.8)
    Microsoft.Extensions.Logging (3.1.8)
      Microsoft.Extensions.Configuration.Binder (>= 3.1.8)
      Microsoft.Extensions.DependencyInjection (>= 3.1.8)
      Microsoft.Extensions.Logging.Abstractions (>= 3.1.8)
      Microsoft.Extensions.Options (>= 3.1.8)
    Microsoft.Extensions.Logging.Abstractions (3.1.8)
    Microsoft.Extensions.Logging.Configuration (3.1.8)
      Microsoft.Extensions.Logging (>= 3.1.8)
      Microsoft.Extensions.Options.ConfigurationExtensions (>= 3.1.8)
    Microsoft.Extensions.Logging.Console (3.1.8)
      Microsoft.Extensions.Configuration.Abstractions (>= 3.1.8)
      Microsoft.Extensions.Logging (>= 3.1.8)
      Microsoft.Extensions.Logging.Configuration (>= 3.1.8)
    Microsoft.Extensions.Logging.Debug (3.1.8)
      Microsoft.Extensions.Logging (>= 3.1.8)
    Microsoft.Extensions.Logging.EventSource (3.1.8)
      Microsoft.Extensions.Logging (>= 3.1.8)
      System.Text.Json (>= 4.7.2) - restriction: == netstandard2.1
      System.Threading.Tasks.Extensions (>= 4.5.4) - restriction: == netstandard2.1
    Microsoft.Extensions.ObjectPool (3.1.8)
    Microsoft.Extensions.Options (3.1.8)
      Microsoft.Extensions.DependencyInjection.Abstractions (>= 3.1.8)
      Microsoft.Extensions.Primitives (>= 3.1.8)
      System.ComponentModel.Annotations (>= 4.7) - restriction: == netstandard2.1
    Microsoft.Extensions.Options.ConfigurationExtensions (3.1.8)
      Microsoft.Extensions.Configuration.Abstractions (>= 3.1.8)
      Microsoft.Extensions.Configuration.Binder (>= 3.1.8)
      Microsoft.Extensions.DependencyInjection.Abstractions (>= 3.1.8)
      Microsoft.Extensions.Options (>= 3.1.8)
    Microsoft.Extensions.Primitives (3.1.8)
      System.Memory (>= 4.5.2) - restriction: == netstandard2.1
      System.Runtime.CompilerServices.Unsafe (>= 4.7.1) - restriction: == netstandard2.1
    Microsoft.Extensions.WebEncoders (3.1.8)
      Microsoft.Extensions.DependencyInjection.Abstractions (>= 3.1.8)
      Microsoft.Extensions.Options (>= 3.1.8)
      System.Text.Encodings.Web (>= 4.7.1) - restriction: == netstandard2.1
    Microsoft.JSInterop (3.1.8)
      System.Text.Json (>= 4.7.2) - restriction: == netstandard2.1
    Microsoft.JSInterop.WebAssembly (3.2.1)
      Microsoft.JSInterop (>= 3.1.6)
    Microsoft.Net.Http.Headers (2.2.8)
      Microsoft.Extensions.Primitives (>= 2.2)
      System.Buffers (>= 4.5)
    Microsoft.NET.Test.Sdk (16.7.1)
      Microsoft.CodeCoverage (>= 16.7.1) - restriction: || (== netcoreapp3.1) (&& (== netstandard2.1) (>= net45)) (&& (== netstandard2.1) (>= netcoreapp2.1))
      Microsoft.TestPlatform.TestHost (>= 16.7.1) - restriction: || (== netcoreapp3.1) (&& (== netstandard2.1) (>= netcoreapp2.1))
    Microsoft.NETCore.Platforms (3.1.3)
    Microsoft.TestPlatform.ObjectModel (16.7.1) - restriction: || (== netcoreapp3.1) (&& (== netstandard2.1) (>= netcoreapp2.1))
      NuGet.Frameworks (>= 5.0)
    Microsoft.TestPlatform.TestHost (16.7.1) - restriction: || (== netcoreapp3.1) (&& (== netstandard2.1) (>= netcoreapp2.1))
      Microsoft.TestPlatform.ObjectModel (>= 16.7.1) - restriction: || (== netcoreapp3.1) (&& (== netstandard2.1) (>= netcoreapp2.1)) (&& (== netstandard2.1) (>= uap10.0))
      Newtonsoft.Json (>= 9.0.1) - restriction: || (== netcoreapp3.1) (&& (== netstandard2.1) (>= netcoreapp2.1)) (&& (== netstandard2.1) (>= uap10.0))
    Microsoft.Win32.Registry (4.7)
      System.Buffers (>= 4.5) - restriction: || (&& (== netcoreapp3.1) (>= monoandroid)) (&& (== netcoreapp3.1) (>= monotouch)) (&& (== netcoreapp3.1) (< netcoreapp2.0)) (&& (== netcoreapp3.1) (>= xamarinios)) (&& (== netcoreapp3.1) (>= xamarinmac)) (&& (== netcoreapp3.1) (>= xamarintvos)) (&& (== netcoreapp3.1) (>= xamarinwatchos)) (== netstandard2.1)
      System.Memory (>= 4.5.3) - restriction: || (&& (== netcoreapp3.1) (< netcoreapp2.0)) (&& (== netcoreapp3.1) (< netcoreapp2.1)) (&& (== netcoreapp3.1) (>= uap10.1)) (== netstandard2.1)
      System.Security.AccessControl (>= 4.7)
      System.Security.Principal.Windows (>= 4.7)
    Microsoft.Win32.SystemEvents (4.7) - restriction: || (== netcoreapp3.1) (&& (== netstandard2.1) (>= netcoreapp3.0))
      Microsoft.NETCore.Platforms (>= 3.1) - restriction: || (== netcoreapp3.1) (&& (== netstandard2.1) (>= netcoreapp2.0))
    NETStandard.Library (2.0.3)
      Microsoft.NETCore.Platforms (>= 1.1)
    Newtonsoft.Json (12.0.3)
    Newtonsoft.Json.Bson (1.0.2)
      Newtonsoft.Json (>= 12.0.1)
    NHamcrest (2.0.1)
      NETStandard.Library (>= 1.6.1)
    NuGet.Frameworks (5.7) - restriction: || (== netcoreapp3.1) (&& (== netstandard2.1) (>= netcoreapp2.1))
    System.Buffers (4.5.1)
    System.Collections.Immutable (1.7.1)
      System.Memory (>= 4.5.4) - restriction: || (&& (== netcoreapp3.1) (>= net461)) (&& (== netcoreapp3.1) (< netcoreapp2.1)) (&& (== netcoreapp3.1) (< netstandard2.0)) (&& (== netcoreapp3.1) (>= uap10.1)) (== netstandard2.1)
    System.ComponentModel.Annotations (4.7)
    System.Diagnostics.DiagnosticSource (4.7.1)
      System.Memory (>= 4.5.4) - restriction: || (&& (== netcoreapp3.1) (>= net45) (< netstandard1.3)) (&& (== netcoreapp3.1) (>= net46)) (&& (== netcoreapp3.1) (< netcoreapp2.1)) (&& (== netcoreapp3.1) (< netstandard2.0)) (&& (== netcoreapp3.1) (>= uap10.1)) (== netstandard2.1)
    System.Drawing.Common (4.7) - restriction: || (== netcoreapp3.1) (&& (== netstandard2.1) (>= netcoreapp3.0))
      Microsoft.NETCore.Platforms (>= 3.1) - restriction: || (== netcoreapp3.1) (&& (== netstandard2.1) (>= netcoreapp2.0))
      Microsoft.Win32.SystemEvents (>= 4.7) - restriction: || (== netcoreapp3.1) (&& (== netstandard2.1) (>= netcoreapp2.0))
    System.IO.Pipelines (4.7.2)
      System.Buffers (>= 4.5.1) - restriction: || (&& (== netcoreapp3.1) (>= monoandroid)) (&& (== netcoreapp3.1) (>= monotouch)) (&& (== netcoreapp3.1) (>= net461)) (&& (== netcoreapp3.1) (< netcoreapp2.0)) (&& (== netcoreapp3.1) (< netstandard2.0)) (&& (== netcoreapp3.1) (>= xamarinios)) (&& (== netcoreapp3.1) (>= xamarinmac)) (&& (== netcoreapp3.1) (>= xamarintvos)) (&& (== netcoreapp3.1) (>= xamarinwatchos)) (== netstandard2.1)
      System.Memory (>= 4.5.4) - restriction: || (&& (== netcoreapp3.1) (>= net461)) (&& (== netcoreapp3.1) (< netcoreapp2.0)) (&& (== netcoreapp3.1) (< netcoreapp2.1)) (&& (== netcoreapp3.1) (< netstandard2.0)) (&& (== netcoreapp3.1) (>= uap10.1)) (== netstandard2.1)
      System.Threading.Tasks.Extensions (>= 4.5.4) - restriction: || (&& (== netcoreapp3.1) (>= net461)) (&& (== netcoreapp3.1) (< netcoreapp2.0)) (&& (== netcoreapp3.1) (< netcoreapp2.1)) (&& (== netcoreapp3.1) (< netstandard2.0)) (&& (== netcoreapp3.1) (>= uap10.1)) (== netstandard2.1)
    System.Memory (4.5.4)
      System.Buffers (>= 4.5.1) - restriction: || (&& (== netcoreapp3.1) (>= monoandroid)) (&& (== netcoreapp3.1) (>= monotouch)) (&& (== netcoreapp3.1) (>= net461)) (&& (== netcoreapp3.1) (< netcoreapp2.0)) (&& (== netcoreapp3.1) (< netstandard1.1)) (&& (== netcoreapp3.1) (< netstandard2.0)) (&& (== netcoreapp3.1) (>= xamarinios)) (&& (== netcoreapp3.1) (>= xamarinmac)) (&& (== netcoreapp3.1) (>= xamarintvos)) (&& (== netcoreapp3.1) (>= xamarinwatchos)) (== netstandard2.1)
      System.Numerics.Vectors (>= 4.4) - restriction: || (&& (== netcoreapp3.1) (< netcoreapp2.0)) (== netstandard2.1)
      System.Runtime.CompilerServices.Unsafe (>= 4.5.3) - restriction: || (&& (== netcoreapp3.1) (>= monoandroid)) (&& (== netcoreapp3.1) (>= monotouch)) (&& (== netcoreapp3.1) (>= net461)) (&& (== netcoreapp3.1) (< netcoreapp2.0)) (&& (== netcoreapp3.1) (< netcoreapp2.1)) (&& (== netcoreapp3.1) (< netstandard1.1)) (&& (== netcoreapp3.1) (< netstandard2.0)) (&& (== netcoreapp3.1) (>= uap10.1)) (&& (== netcoreapp3.1) (>= xamarinios)) (&& (== netcoreapp3.1) (>= xamarinmac)) (&& (== netcoreapp3.1) (>= xamarintvos)) (&& (== netcoreapp3.1) (>= xamarinwatchos)) (== netstandard2.1)
    System.Numerics.Vectors (4.5)
    System.Reflection.Emit.Lightweight (4.7)
    System.Reflection.Metadata (1.8.1)
      System.Collections.Immutable (>= 1.7.1) - restriction: || (&& (== netcoreapp3.1) (>= net461)) (&& (== netcoreapp3.1) (< netstandard1.1)) (&& (== netcoreapp3.1) (< netstandard2.0)) (== netstandard2.1)
    System.Runtime.CompilerServices.Unsafe (4.7.1)
    System.Security.AccessControl (4.7)
      Microsoft.NETCore.Platforms (>= 3.1) - restriction: || (== netcoreapp3.1) (&& (== netstandard2.1) (>= netcoreapp2.0))
      System.Security.Principal.Windows (>= 4.7)
    System.Security.Cryptography.Cng (4.7)
    System.Security.Cryptography.Pkcs (4.7)
      System.Security.Cryptography.Cng (>= 4.7)
    System.Security.Cryptography.Xml (4.7)
      System.Security.Cryptography.Pkcs (>= 4.7)
      System.Security.Permissions (>= 4.7)
    System.Security.Permissions (4.7)
      System.Security.AccessControl (>= 4.7)
      System.Windows.Extensions (>= 4.7) - restriction: || (== netcoreapp3.1) (&& (== netstandard2.1) (>= netcoreapp3.0))
    System.Security.Principal.Windows (4.7)
    System.Text.Encoding.CodePages (4.7.1) - restriction: || (== netcoreapp3.1) (&& (== netstandard2.1) (>= netcoreapp3.1))
      Microsoft.NETCore.Platforms (>= 3.1.1) - restriction: || (== netcoreapp3.1) (&& (== netstandard2.1) (>= netcoreapp2.0))
    System.Text.Encodings.Web (4.7.1)
    System.Text.Json (4.7.2)
    System.Threading.Channels (4.7.1)
      System.Threading.Tasks.Extensions (>= 4.5.4) - restriction: || (&& (== netcoreapp3.1) (>= net461)) (&& (== netcoreapp3.1) (< netcoreapp2.1)) (&& (== netcoreapp3.1) (< netstandard2.0)) (== netstandard2.1)
    System.Threading.Tasks.Extensions (4.5.4)
      System.Runtime.CompilerServices.Unsafe (>= 4.5.3) - restriction: || (&& (== netcoreapp3.1) (>= net461)) (&& (== netcoreapp3.1) (< netcoreapp2.1)) (&& (== netcoreapp3.1) (< netstandard1.0)) (&& (== netcoreapp3.1) (< netstandard2.0)) (&& (== netcoreapp3.1) (>= wp8)) (== netstandard2.1)
    System.ValueTuple (4.5)
    System.Windows.Extensions (4.7) - restriction: || (== netcoreapp3.1) (&& (== netstandard2.1) (>= netcoreapp3.0))
      System.Drawing.Common (>= 4.7) - restriction: || (== netcoreapp3.1) (&& (== netstandard2.1) (>= netcoreapp3.0))
    TaskBuilder.fs (2.1)
      FSharp.Core (>= 4.1.17)
      NETStandard.Library (>= 1.6.1)
      System.ValueTuple (>= 4.4)
    xunit (2.4.1)
      xunit.analyzers (>= 0.10)
      xunit.assert (2.4.1)
      xunit.core (2.4.1)
    xunit.abstractions (2.0.3)
    xunit.analyzers (0.10)
    xunit.assert (2.4.1)
      NETStandard.Library (>= 1.6.1)
    xunit.core (2.4.1)
      xunit.extensibility.core (2.4.1)
      xunit.extensibility.execution (2.4.1)
    xunit.extensibility.core (2.4.1)
      NETStandard.Library (>= 1.6.1)
      xunit.abstractions (>= 2.0.3)
    xunit.extensibility.execution (2.4.1)
      NETStandard.Library (>= 1.6.1)
      xunit.extensibility.core (2.4.1)
    xunit.runner.visualstudio (2.4.3)
